GEM
  remote: http://rubygems.org/
  specs:
    abstract (1.0.0)
    actionmailer (3.0.3)
      actionpack (= 3.0.3)
      mail (~> 2.2.9)
    actionpack (3.0.3)
      activemodel (= 3.0.3)
      activesupport (= 3.0.3)
      builder (~> 2.1.2)
      erubis (~> 2.6.6)
      i18n (~> 0.4)
      rack (~> 1.2.1)
      rack-mount (~> 0.6.13)
      rack-test (~> 0.5.6)
      tzinfo (~> 0.3.23)
    activeadmin (0.2.1)
      devise (>= 1.1.2)
      formtastic (>= 1.1.0)
      haml (>= 3.0.18)
      inherited_views
      meta_search (>= 0.9.2)
      rails (>= 3.0.0)
      will_paginate (>= 3.0.pre2)
    activemodel (3.0.3)
      activesupport (= 3.0.3)
      builder (~> 2.1.2)
      i18n (~> 0.4)
    activerecord (3.0.3)
      activemodel (= 3.0.3)
      activesupport (= 3.0.3)
      arel (~> 2.0.2)
      tzinfo (~> 0.3.23)
    activeresource (3.0.3)
      activemodel (= 3.0.3)
      activesupport (= 3.0.3)
    activesupport (3.0.3)
    arel (2.0.6)
    barista (1.0.0)
      coffee-script (~> 2.1.1)
    bcrypt-ruby (2.1.4)
    builder (2.1.2)
    capybara (2.1.0)
      mime-types (>= 1.16)
      nokogiri (>= 1.3.3)
      rack (>= 1.0.0)
      rack-test (>= 0.5.4)
      xpath (~> 2.0)
    coffee-script (2.1.3)
      coffee-script-source
    coffee-script-source (1.0.1)
    configuration (1.2.0)
    cucumber (1.3.8)
      builder (>= 2.1.2)
      diff-lcs (>= 1.1.3)
      gherkin (~> 2.12.1)
      multi_json (>= 1.7.5, < 2.0)
      multi_test (>= 0.0.2)
    cucumber-rails (0.3.2)
      cucumber (>= 0.8.0)
    database_cleaner (0.6.0)
    demo-reader (0.3.0)
    devise (1.3.4)
      bcrypt-ruby (~> 2.1.2)
      orm_adapter (~> 0.0.3)
      warden (~> 1.0.3)
    diff-lcs (1.1.3)
    enumerated_attribute (0.2.16)
      meta_programming (>= 0.2.1)
    erubis (2.6.6)
      abstract (>= 1.0.0)
    exception_notification (2.4.0)
    factory_girl (1.3.2)
    formtastic (1.2.3)
      actionpack (>= 2.3.7)
      activesupport (>= 2.3.7)
      i18n (~> 0.4)
    gherkin (2.12.1)
      multi_json (~> 1.3)
    gitreport (0.0.5)
      json
    gravtastic (3.1.0)
    haml (3.0.25)
    has_scope (0.5.0)
    i18n (0.5.0)
    inherited_resources (1.2.2)
      has_scope (~> 0.5.0)
      responders (~> 0.6.0)
    inherited_views (0.0.2)
      formtastic (>= 0.9.8)
      inherited_resources (>= 1.0.6)
      will_paginate (>= 2.3.12)
    json (1.8.0)
    launchy (0.3.7)
      configuration (>= 0.0.5)
      rake (>= 0.8.1)
    mail (2.2.12)
      activesupport (>= 2.3.6)
      i18n (>= 0.4.0)
      mime-types (~> 1.16)
      treetop (~> 1.4.8)
    meta_programming (0.2.2)
    meta_search (1.0.5)
      actionpack (~> 3.0.2)
      activerecord (~> 3.0.2)
      activesupport (~> 3.0.2)
      arel (~> 2.0.2)
    meta_where (1.0.1)
      activerecord (~> 3.0.2)
      activesupport (~> 3.0.2)
      arel (~> 2.0.2)
    mime-types (1.25)
    mini_portile (0.5.1)
    multi_json (1.8.0)
    multi_test (0.0.2)
    mysql2 (0.2.18)
    newrelic_rpm (2.13.4)
    nokogiri (1.6.0)
      mini_portile (~> 0.5.0)
    orm_adapter (0.0.5)
    paperclip (2.3.8)
      activerecord
      activesupport
    polyglot (0.3.1)
    rack (1.2.8)
    rack-mount (0.6.13)
      rack (>= 1.0.0)
    rack-test (0.5.7)
      rack (>= 1.0)
    rails (3.0.3)
      actionmailer (= 3.0.3)
      actionpack (= 3.0.3)
      activerecord (= 3.0.3)
      activeresource (= 3.0.3)
      activesupport (= 3.0.3)
      bundler (~> 1.0)
      railties (= 3.0.3)
    railties (3.0.3)
      actionpack (= 3.0.3)
      activesupport (= 3.0.3)
      rake (>= 0.8.7)
      thor (~> 0.14.4)
    rake (10.1.0)
    responders (0.6.4)
    rmagick (2.5.2)
    rspec (2.6.0)
      rspec-core (~> 2.6.0)
      rspec-expectations (~> 2.6.0)
      rspec-mocks (~> 2.6.0)
    rspec-core (2.6.3)
    rspec-expectations (2.6.0)
      diff-lcs (~> 1.1.2)
    rspec-mocks (2.6.0)
    rspec-rails (2.6.1)
      actionpack (~> 3.0)
      activesupport (~> 3.0)
      railties (~> 3.0)
      rspec (~> 2.6.0)
    shoulda (2.11.3)
    therubyracer (0.8.1)
    thor (0.14.6)
    treetop (1.4.9)
      polyglot (>= 0.3.1)
    tzinfo (0.3.23)
    warden (1.0.4)
      rack (>= 1.0)
    will_paginate (3.0.pre2)
    xpath (2.0.0)
      nokogiri (~> 1.3)

PLATFORMS
  ruby

DEPENDENCIES
  activeadmin
  barista
  capybara
  cucumber
  cucumber-rails
  database_cleaner
  demo-reader (>= 0.3.0)
  enumerated_attribute
  exception_notification (>= 2.4)
  factory_girl
  gitreport
  gravtastic (>= 2.1.0)
  haml (>= 3)
  launchy
  meta_where
  mysql2 (< 0.3)
  newrelic_rpm
  paperclip
  rack
  rails (~> 3.0.0)
  rmagick (= 2.5.2)
  rspec-rails
  shoulda
  therubyracer
  will_paginate (>= 3.0.pre2)
